GEM
  remote: https://rubygems.org/
  specs:
    nokogiri (1.16.3-x86_64-linux)
      racc (~> 1.4)
    racc (1.7.3)

PLATFORMS
  x86_64-linux

DEPENDENCIES
  nokogiri

RUBY VERSION
   ruby 3.3.0p0

BUNDLED WITH
   2.3.14
