GEM
  remote: https://rubygems.org/
  specs:
    nokogiri (1.13.9-x86_64-linux)
      racc (~> 1.4)
    racc (1.6.0)

PLATFORMS
  x86_64-linux

DEPENDENCIES
  nokogiri

RUBY VERSION
   ruby 3.1.2p20

BUNDLED WITH
   2.3.14
